GEM
  remote: https://rubygems.org/
  specs:
    rack (1.6.4)
    sinatra (1.1.4)
      rack (~> 1.1)
      tilt (>= 1.2.2, < 2.0)
    tilt (1.4.1)

PLATFORMS
  ruby

DEPENDENCIES
  sinatra (~> 1.1.0)

BUNDLED WITH
   1.10.5
